GEM
  remote: https://rubygems.org/
  specs:
    kropka (0.0.1)
      thor
    thor (0.18.1)

PLATFORMS
  ruby

DEPENDENCIES
  kropka
